GEM
  remote: https://rubygems.org/
  specs:
    os (1.1.1)

PLATFORMS
  ruby

DEPENDENCIES
  os

BUNDLED WITH
   2.1.4
